PATH
  remote: .
  specs:
    powerdns-tools (0.0.2)
      activeresource (~> 3.2.12)
      activesupport (~> 3.2.12)
      pry
      psych (= 1.3.4)
      zonefile (~> 1.04)

GEM
  remote: http://rubygems.org/
  specs:
    activemodel (3.2.12)
      activesupport (= 3.2.12)
      builder (~> 3.0.0)
    activeresource (3.2.12)
      activemodel (= 3.2.12)
      activesupport (= 3.2.12)
    activesupport (3.2.12)
      i18n (~> 0.6)
      multi_json (~> 1.0)
    addressable (2.3.2)
    builder (3.0.4)
    coderay (1.0.9)
    crack (0.3.2)
    diff-lcs (1.1.3)
    i18n (0.6.4)
    json (1.7.7)
    method_source (0.8.1)
    multi_json (1.5.1)
    pry (0.9.12)
      coderay (~> 1.0.5)
      method_source (~> 0.8)
      slop (~> 3.4)
    psych (1.3.4)
    rake (10.0.3)
    rdoc (3.12.1)
      json (~> 1.4)
    rspec (2.12.0)
      rspec-core (~> 2.12.0)
      rspec-expectations (~> 2.12.0)
      rspec-mocks (~> 2.12.0)
    rspec-core (2.12.2)
    rspec-expectations (2.12.1)
      diff-lcs (~> 1.1.3)
    rspec-mocks (2.12.1)
    simplecov (0.7.1)
      multi_json (~> 1.0)
      simplecov-html (~> 0.7.1)
    simplecov-html (0.7.1)
    slop (3.4.4)
    vcr (2.4.0)
    webmock (1.9.0)
      addressable (>= 2.2.7)
      crack (>= 0.1.7)
    zonefile (1.04)

PLATFORMS
  ruby

DEPENDENCIES
  powerdns-tools!
  rake
  rdoc
  rspec (>= 2.12.0)
  simplecov
  vcr
  webmock
